GEM
  remote: http://rubygems.org/
  specs:
    json (1.5.1)
    mocha (0.9.12)
    rack (1.2.2)
    rack-test (0.5.7)
      rack (>= 1.0)
    rake (0.8.7)
    shoulda (2.11.3)
    sinatra (1.2.3)
      rack (~> 1.1)
      tilt (< 2.0, >= 1.2.2)
    tilt (1.3)

PLATFORMS
  ruby

DEPENDENCIES
  json
  mocha
  rack-test
  rake
  shoulda
  sinatra
